PATH
  remote: .
  specs:
    subtitle (0.3.3)
      nokogiri (= 1.10.4)

GEM
  remote: https://rubygems.org/
  specs:
    aws-eventstream (1.0.3)
    aws-sdk (2.11.386)
      aws-sdk-resources (= 2.11.386)
    aws-sdk-core (2.11.386)
      aws-sigv4 (~> 1.0)
      jmespath (~> 1.0)
    aws-sdk-resources (2.11.386)
      aws-sdk-core (= 2.11.386)
    aws-sigv4 (1.1.0)
      aws-eventstream (~> 1.0, >= 1.0.2)
    jmespath (1.4.0)
    mini_portile2 (2.4.0)
    minitest (5.13.0)
    nokogiri (1.10.4)
      mini_portile2 (~> 2.4.0)
    optimist (3.0.0)
    rake (13.0.1)

PLATFORMS
  ruby

DEPENDENCIES
  aws-sdk (~> 2.11)
  bundler (~> 2.0)
  minitest
  optimist
  rake (~> 13.0)
  subtitle!

BUNDLED WITH
   2.0.2
